PATH
  remote: .
  specs:
    cid (0.1.0)
      base58
      multibases
      multicodecs
      multihashes

GEM
  remote: https://rubygems.org/
  specs:
    base58 (0.2.3)
    multibases (0.3.2)
    multicodecs (0.2.0)
    multihashes (0.2.0)
      multicodecs (>= 0.2.0, < 1)
    rake (12.3.3)

PLATFORMS
  ruby

DEPENDENCIES
  cid!
  rake (~> 12.0)

BUNDLED WITH
   2.1.4
